GEM
  remote: https://rubygems.org/
  specs:
    abstract_type (0.0.7)
    actionmailer (4.2.1)
      actionpack (= 4.2.1)
      actionview (= 4.2.1)
      activejob (= 4.2.1)
      mail (~> 2.5, >= 2.5.4)
      rails-dom-testing (~> 1.0, >= 1.0.5)
    actionpack (4.2.1)
      actionview (= 4.2.1)
      activesupport (= 4.2.1)
      rack (~> 1.6)
      rack-test (~> 0.6.2)
      rails-dom-testing (~> 1.0, >= 1.0.5)
      rails-html-sanitizer (~> 1.0, >= 1.0.1)
    actionview (4.2.1)
      activesupport (= 4.2.1)
      builder (~> 3.1)
      erubis (~> 2.7.0)
      rails-dom-testing (~> 1.0, >= 1.0.5)
      rails-html-sanitizer (~> 1.0, >= 1.0.1)
    activejob (4.2.1)
      activesupport (= 4.2.1)
      globalid (>= 0.3.0)
    activemodel (4.2.1)
      activesupport (= 4.2.1)
      builder (~> 3.1)
    activerecord (4.2.1)
      activemodel (= 4.2.1)
      activesupport (= 4.2.1)
      arel (~> 6.0)
    activesupport (4.2.1)
      i18n (~> 0.7)
      json (~> 1.7, >= 1.7.7)
      minitest (~> 5.1)
      thread_safe (~> 0.3, >= 0.3.4)
      tzinfo (~> 1.1)
    adamantium (0.2.0)
      ice_nine (~> 0.11.0)
      memoizable (~> 0.4.0)
    addressable (2.4.0)
    arel (6.0.3)
    arrayfields (4.9.2)
    ast (2.2.0)
    better_errors (2.1.1)
      coderay (>= 1.0.0)
      erubis (>= 2.6.6)
      rack (>= 0.9.0)
    binding_of_caller (0.7.2)
      debug_inspector (>= 0.0.1)
    builder (3.2.2)
    bullet (5.0.0)
      activesupport (>= 3.0.0)
      uniform_notifier (~> 1.9.0)
    callsite (0.0.11)
    cane (2.6.2)
      parallel
    capybara (2.2.0)
      mime-types (>= 1.16)
      nokogiri (>= 1.3.3)
      rack (>= 1.0.0)
      rack-test (>= 0.5.4)
      xpath (~> 2.0)
    childprocess (0.5.9)
      ffi (~> 1.0, >= 1.0.11)
    chronic (0.10.2)
    churn (0.0.35)
      chronic (>= 0.2.3)
      hirb
      json_pure
      main
      rest-client (>= 1.6.0)
      ruby_parser (~> 3.0)
      sexp_processor (~> 4.1)
    code_analyzer (0.4.5)
      sexp_processor
    code_metrics (0.1.3)
    coderay (1.1.0)
    coffee-rails (4.0.1)
      coffee-script (>= 2.2.0)
      railties (>= 4.0.0, < 5.0)
    coffee-script (2.4.1)
      coffee-script-source
      execjs
    coffee-script-source (1.10.0)
    colored (1.2)
    concord (0.1.5)
      adamantium (~> 0.2.0)
      equalizer (~> 0.0.9)
    concurrent-ruby (1.0.0)
    daemons (1.2.3)
    database_cleaner (1.5.1)
    debug_inspector (0.0.2)
    diff-lcs (1.2.5)
    docile (1.1.5)
    domain_name (0.5.20160128)
      unf (>= 0.0.5, < 1.0.0)
    em-websocket (0.5.1)
      eventmachine (>= 0.12.9)
      http_parser.rb (~> 0.6.0)
    equalizer (0.0.11)
    erubis (2.7.0)
    eventmachine (1.0.9.1)
    execjs (2.6.0)
    factory_girl (4.5.0)
      activesupport (>= 3.0.0)
    factory_girl_rails (4.5.0)
      factory_girl (~> 4.5.0)
      railties (>= 3.0.0)
    fattr (2.2.2)
    ffi (1.9.10)
    figaro (1.1.1)
      thor (~> 0.14)
    flay (2.7.0)
      erubis (~> 2.7.0)
      ruby_parser (~> 3.0)
      sexp_processor (~> 4.0)
    flog (4.3.2)
      ruby_parser (~> 3.1, > 3.1.0)
      sexp_processor (~> 4.4)
    formatador (0.2.5)
    git-version-bump (0.15.1)
    globalid (0.3.6)
      activesupport (>= 4.1.0)
    guard (2.13.0)
      formatador (>= 0.2.4)
      listen (>= 2.7, <= 4.0)
      lumberjack (~> 1.0)
      nenv (~> 0.1)
      notiffany (~> 0.0)
      pry (>= 0.9.12)
      shellany (~> 0.0)
      thor (>= 0.18.1)
    guard-bundler (2.1.0)
      bundler (~> 1.0)
      guard (~> 2.2)
      guard-compat (~> 1.1)
    guard-compat (1.2.1)
    guard-livereload (2.5.1)
      em-websocket (~> 0.5)
      guard (~> 2.8)
      guard-compat (~> 1.0)
      multi_json (~> 1.8)
    guard-rails (0.7.2)
      guard (~> 2.11)
      guard-compat (~> 1.0)
    guard-rspec (4.6.4)
      guard (~> 2.1)
      guard-compat (~> 1.1)
      rspec (>= 2.99.0, < 4.0)
    high_voltage (2.4.0)
    hirb (0.7.3)
    http-cookie (1.0.2)
      domain_name (~> 0.5)
    http_parser.rb (0.6.0)
    hub (1.12.4)
    i18n (0.7.0)
    ice_nine (0.11.1)
    interception (0.5)
    jbuilder (2.4.0)
      activesupport (>= 3.0.0, < 5.1)
      multi_json (~> 1.2)
    json (1.8.3)
    json_pure (1.8.3)
    launchy (2.4.3)
      addressable (~> 2.3)
    listen (3.0.5)
      rb-fsevent (>= 0.9.3)
      rb-inotify (>= 0.9)
    loofah (2.0.3)
      nokogiri (>= 1.5.9)
    lumberjack (1.0.10)
    mail (2.6.3)
      mime-types (>= 1.16, < 3)
    mailcatcher (0.6.3)
      activesupport (>= 4.0.0, < 5)
      eventmachine (= 1.0.9.1)
      mail (~> 2.3)
      sinatra (~> 1.2)
      skinny (~> 0.2.3)
      sqlite3 (~> 1.3)
      thin (~> 1.5.0)
    main (6.2.0)
      arrayfields (>= 4.7.4)
      chronic (>= 0.6.2)
      fattr (>= 2.2.0)
      map (>= 6.1.0)
    map (6.6.0)
    memoizable (0.4.2)
      thread_safe (~> 0.3, >= 0.3.1)
    meta_request (0.3.4)
      callsite (~> 0.0, >= 0.0.11)
      rack-contrib (~> 1.1)
      railties (>= 3.0.0, < 5.0.0)
    method_source (0.8.2)
    metric_fu (4.11.4)
      cane (~> 2.5, >= 2.5.2)
      churn (~> 0.0.35)
      code_metrics (~> 0.1)
      coderay
      flay (~> 2.1, >= 2.0.1)
      flog (~> 4.1, >= 4.1.1)
      launchy (~> 2.0)
      metric_fu-Saikuro (~> 1.1, >= 1.1.3)
      multi_json
      rails_best_practices (~> 1.14, >= 1.14.3)
      redcard
      reek (~> 1.3, >= 1.3.4)
      roodi (~> 3.1)
    metric_fu-Saikuro (1.1.3)
    mime-types (2.99)
    mini_portile2 (2.0.0)
    minitest (5.8.4)
    multi_json (1.11.2)
    nenv (0.2.0)
    netrc (0.11.0)
    nokogiri (1.6.7.2)
      mini_portile2 (~> 2.0.0.rc2)
    notiffany (0.0.8)
      nenv (~> 0.1)
      shellany (~> 0.0)
    parallel (1.6.1)
    parser (2.2.3.0)
      ast (>= 1.1, < 3.0)
    pg (0.18.4)
    procto (0.0.2)
    pry (0.10.3)
      coderay (~> 1.1.0)
      method_source (~> 0.8.1)
      slop (~> 3.4)
    pry-rails (0.3.4)
      pry (>= 0.9.10)
    pry-rescue (1.4.2)
      interception (>= 0.5)
      pry
    puma (2.16.0)
    pundit (1.0.1)
      activesupport (>= 3.0.0)
    quiet_assets (1.1.0)
      railties (>= 3.1, < 5.0)
    rack (1.6.4)
    rack-contrib (1.4.0)
      git-version-bump (~> 0.15)
      rack (~> 1.4)
    rack-protection (1.5.3)
      rack
    rack-test (0.6.3)
      rack (>= 1.0)
    rails (4.2.1)
      actionmailer (= 4.2.1)
      actionpack (= 4.2.1)
      actionview (= 4.2.1)
      activejob (= 4.2.1)
      activemodel (= 4.2.1)
      activerecord (= 4.2.1)
      activesupport (= 4.2.1)
      bundler (>= 1.3.0, < 2.0)
      railties (= 4.2.1)
      sprockets-rails
    rails-deprecated_sanitizer (1.0.3)
      activesupport (>= 4.2.0.alpha)
    rails-dom-testing (1.0.7)
      activesupport (>= 4.2.0.beta, < 5.0)
      nokogiri (~> 1.6.0)
      rails-deprecated_sanitizer (>= 1.0.1)
    rails-html-sanitizer (1.0.3)
      loofah (~> 2.0)
    rails_12factor (0.0.3)
      rails_serve_static_assets
      rails_stdout_logging
    rails_best_practices (1.15.7)
      activesupport
      code_analyzer (>= 0.4.3)
      colored
      erubis
      i18n
      json
      require_all
      ruby-progressbar
    rails_layout (1.0.29)
    rails_serve_static_assets (0.0.4)
    rails_stdout_logging (0.0.4)
    railties (4.2.1)
      actionpack (= 4.2.1)
      activesupport (= 4.2.1)
      rake (>= 0.8.7)
      thor (>= 0.18.1, < 2.0)
    rainbow (2.1.0)
    rake (10.5.0)
    rb-fchange (0.0.6)
      ffi
    rb-fsevent (0.9.7)
    rb-inotify (0.9.5)
      ffi (>= 0.5.0)
    rdoc (4.2.1)
      json (~> 1.4)
    redcard (1.1.0)
    reek (1.6.6)
      parser (~> 2.2.0.pre.7)
      rainbow (>= 1.99, < 3.0)
      unparser (~> 0.2.2)
    require_all (1.3.3)
    rest-client (1.8.0)
      http-cookie (>= 1.0.2, < 2.0)
      mime-types (>= 1.16, < 3.0)
      netrc (~> 0.7)
    roodi (3.3.1)
      ruby_parser (~> 3.2, >= 3.2.2)
    rspec (3.4.0)
      rspec-core (~> 3.4.0)
      rspec-expectations (~> 3.4.0)
      rspec-mocks (~> 3.4.0)
    rspec-core (3.4.2)
      rspec-support (~> 3.4.0)
    rspec-expectations (3.4.0)
      diff-lcs (>= 1.2.0, < 2.0)
      rspec-support (~> 3.4.0)
    rspec-mocks (3.4.1)
      diff-lcs (>= 1.2.0, < 2.0)
      rspec-support (~> 3.4.0)
    rspec-rails (3.4.1)
      actionpack (>= 3.0, < 4.3)
      activesupport (>= 3.0, < 4.3)
      railties (>= 3.0, < 4.3)
      rspec-core (~> 3.4.0)
      rspec-expectations (~> 3.4.0)
      rspec-mocks (~> 3.4.0)
      rspec-support (~> 3.4.0)
    rspec-support (3.4.1)
    ruby-progressbar (1.7.5)
    ruby_parser (3.7.3)
      sexp_processor (~> 4.1)
    rubyzip (1.1.7)
    sass (3.4.21)
    sass-rails (5.0.4)
      railties (>= 4.0.0, < 5.0)
      sass (~> 3.1)
      sprockets (>= 2.8, < 4.0)
      sprockets-rails (>= 2.0, < 4.0)
      tilt (>= 1.1, < 3)
    sdoc (0.4.1)
      json (~> 1.7, >= 1.7.7)
      rdoc (~> 4.0)
    selenium-webdriver (2.50.0)
      childprocess (~> 0.5)
      multi_json (~> 1.0)
      rubyzip (~> 1.0)
      websocket (~> 1.0)
    sexp_processor (4.6.1)
    shellany (0.0.1)
    simplecov (0.9.2)
      docile (~> 1.1.0)
      multi_json (~> 1.0)
      simplecov-html (~> 0.9.0)
    simplecov-html (0.9.0)
    sinatra (1.4.7)
      rack (~> 1.5)
      rack-protection (~> 1.4)
      tilt (>= 1.3, < 3)
    skinny (0.2.4)
      eventmachine (~> 1.0.0)
      thin (>= 1.5, < 1.7)
    slop (3.6.0)
    spring (1.6.2)
    sprockets (3.5.2)
      concurrent-ruby (~> 1.0)
      rack (> 1, < 3)
    sprockets-rails (3.0.1)
      actionpack (>= 4.0)
      activesupport (>= 4.0)
      sprockets (>= 3.0.0)
    sqlite3 (1.3.11)
    thin (1.5.1)
      daemons (>= 1.0.9)
      eventmachine (>= 0.12.6)
      rack (>= 1.0.0)
    thor (0.19.1)
    thread_safe (0.3.5)
    tilt (2.0.2)
    turbolinks (2.5.3)
      coffee-rails
    tzinfo (1.2.2)
      thread_safe (~> 0.1)
    uglifier (2.7.2)
      execjs (>= 0.3.0)
      json (>= 1.8.0)
    unf (0.1.4)
      unf_ext
    unf_ext (0.0.7.1)
    uniform_notifier (1.9.0)
    unparser (0.2.4)
      abstract_type (~> 0.0.7)
      adamantium (~> 0.2.0)
      concord (~> 0.1.5)
      diff-lcs (~> 1.2.5)
      equalizer (~> 0.0.9)
      parser (~> 2.2.2)
      procto (~> 0.0.2)
    websocket (1.2.2)
    xpath (2.0.0)
      nokogiri (~> 1.3)

PLATFORMS
  ruby

DEPENDENCIES
  better_errors
  binding_of_caller
  bullet
  capybara (= 2.2.0)
  childprocess
  coffee-rails (~> 4.0.0)
  database_cleaner
  factory_girl_rails
  figaro (>= 1.1.1)
  guard-bundler
  guard-livereload
  guard-rails
  guard-rspec
  high_voltage
  hub
  jbuilder (~> 2.0)
  mailcatcher (~> 0.6.1)
  meta_request
  metric_fu (~> 4.11.1)
  pg
  pry-rails
  pry-rescue
  puma
  pundit (~> 1.0.1)
  quiet_assets
  rails (= 4.2.1)
  rails_12factor
  rails_layout
  rb-fchange
  rb-fsevent
  rb-inotify
  rspec-rails
  sass-rails (~> 5.0.3)
  sdoc (~> 0.4.0)
  selenium-webdriver (= 2.50.0)
  simplecov (~> 0.9.0)
  spring
  sprockets (= 3.5.2)
  turbolinks
  uglifier (>= 1.3.0)

BUNDLED WITH
   1.11.2
